GEM
  remote: http://rubygems.org/
  specs:
    growl (1.0.3)
    guard (0.6.2)
      thor (~> 0.14.6)
    guard-haml (0.3.1)
      guard (>= 0.4)
      haml (>= 3.0)
    haml (3.1.2)
    rb-fsevent (0.4.3.1)
    thor (0.14.6)

PLATFORMS
  ruby

DEPENDENCIES
  growl
  guard-haml
  haml
  rb-fsevent
